GEM
  remote: https://rubygems.org/
  specs:
    irb (1.1.0)
      reline (>= 0.0.1)
    reline (0.0.7)

PLATFORMS
  ruby

DEPENDENCIES
  irb

BUNDLED WITH
   1.16.1
