GEM
  remote: https://rubygems.org/
  specs:
    irb (1.1.0)
      reline (>= 0.0.1)
    lazy_priority_queue (0.1.1)
    reline (0.0.7)
    rgl (0.5.6)
      lazy_priority_queue (~> 0.1.0)
      stream (~> 0.5.2)
    stream (0.5.2)

PLATFORMS
  ruby

DEPENDENCIES
  irb
  rgl (~> 0.5.6)

BUNDLED WITH
   1.17.3
